GEM
  remote: http://rubygems.org/
  specs:
    diff-lcs (1.1.3)
    metaclass (0.0.1)
    mocha (0.12.1)
      metaclass (~> 0.0.1)
    rspec-core (2.11.1)
    rspec-expectations (2.11.1)
      diff-lcs (~> 1.1.3)

PLATFORMS
  ruby

DEPENDENCIES
  mocha
  rspec-core
  rspec-expectations
